GEM
  remote: https://rubygems.org/
  specs:
    byebug (6.0.2)
    minitest (5.8.0)
    rake (10.4.2)

PLATFORMS
  ruby

DEPENDENCIES
  byebug
  minitest
  rake
